GEM
  remote: https://rubygems.org/
  specs:
    flickr.rb (1.2.1)
      xml-simple (>= 1.0.7)
    xml-simple (1.1.5)

PLATFORMS
  x64-mingw32

DEPENDENCIES
  flickr.rb (~> 1.2, >= 1.2.1)

BUNDLED WITH
   2.1.4
