GEM
  remote: https://rubygems.org/
  specs:
    flickraw (0.9.10)
    mini_magick (4.10.1)

PLATFORMS
  ruby

DEPENDENCIES
  flickraw
  mini_magick

BUNDLED WITH
   2.1.4
